GEM
  remote: http://rubygems.org/
  specs:
    activesupport (4.1.11)
      i18n (~> 0.6, >= 0.6.9)
      json (~> 1.7, >= 1.7.7)
      minitest (~> 5.1)
      thread_safe (~> 0.1)
      tzinfo (~> 1.1)
    concurrent-ruby (1.1.7)
    git (1.2.5)
    httparty (0.10.2)
      multi_json (~> 1.0)
      multi_xml (>= 0.5.2)
    i18n (0.9.5)
      concurrent-ruby (~> 1.0)
    jeweler (1.8.4)
      bundler (~> 1.0)
      git (>= 1.2.5)
      rake
      rdoc
    json (1.7.7)
    minitest (5.14.2)
    multi_json (1.15.0)
    multi_xml (0.5.3)
    rake (10.0.4)
    rdoc (3.12.2)
      json (~> 1.4)
    thread_safe (0.3.6)
    tzinfo (1.2.7)
      thread_safe (~> 0.1)

PLATFORMS
  ruby

DEPENDENCIES
  activesupport (~> 4.1.11)
  bundler (~> 1.3.0)
  httparty (~> 0.10.2)
  jeweler (~> 1.8.4)
  rdoc (~> 3.12)
